GIT
  remote: https://github.com/randym/axlsx.git
  revision: 8e7b4b3b7259103452c191f73ce0bf64f66033fe
  branch: master
  specs:
    axlsx (3.0.0.pre)
      htmlentities (~> 4.3, >= 4.3.4)
      mimemagic (~> 0.3)
      nokogiri (~> 1.8, >= 1.8.2)
      rubyzip (~> 1.2, >= 1.2.1)

GIT
  remote: https://github.com/refile/refile.git
  revision: e690bf5c2d83b3dfd805764d54e8f5daf14993b0
  specs:
    refile (0.7.0)
      mime-types
      sinatra (>= 2.0.0, <= 3.0.0)

GEM
  remote: https://rubygems.org/
  specs:
    actioncable (5.2.4)
      actionpack (= 5.2.4)
      nio4r (~> 2.0)
      websocket-driver (>= 0.6.1)
    actionmailer (5.2.4)
      actionpack (= 5.2.4)
      actionview (= 5.2.4)
      activejob (= 5.2.4)
      mail (~> 2.5, >= 2.5.4)
      rails-dom-testing (~> 2.0)
    actionpack (5.2.4)
      actionview (= 5.2.4)
      activesupport (= 5.2.4)
      rack (~> 2.0)
      rack-test (>= 0.6.3)
      rails-dom-testing (~> 2.0)
      rails-html-sanitizer (~> 1.0, >= 1.0.2)
    actionview (5.2.4)
      activesupport (= 5.2.4)
      builder (~> 3.1)
      erubi (~> 1.4)
      rails-dom-testing (~> 2.0)
      rails-html-sanitizer (~> 1.0, >= 1.0.3)
    activejob (5.2.4)
      activesupport (= 5.2.4)
      globalid (>= 0.3.6)
    activemodel (5.2.4)
      activesupport (= 5.2.4)
    activerecord (5.2.4)
      activemodel (= 5.2.4)
      activesupport (= 5.2.4)
      arel (>= 9.0)
    activestorage (5.2.4)
      actionpack (= 5.2.4)
      activerecord (= 5.2.4)
      marcel (~> 0.3.1)
    activesupport (5.2.4)
      concurrent-ruby (~> 1.0, >= 1.0.2)
      i18n (>= 0.7, < 2)
      minitest (~> 5.1)
      tzinfo (~> 1.1)
    acts-as-taggable-on (8.1.0)
      activerecord (>= 5.0, < 6.2)
    addressable (2.8.0)
      public_suffix (>= 2.0.2, < 5.0)
    arel (9.0.0)
    autoprefixer-rails (9.7.3)
      execjs
    bcrypt (3.1.13)
    bootstrap-datepicker-rails (1.8.0.1)
      railties (>= 3.0)
    bootstrap-sass (3.4.1)
      autoprefixer-rails (>= 5.2.1)
      sassc (>= 2.0.0)
    builder (3.2.3)
    bullet (6.0.2)
      activesupport (>= 3.0.0)
      uniform_notifier (~> 1.11)
    byebug (11.0.1)
    cancancan (3.4.0)
    chronic (0.10.2)
    coffee-rails (5.0.0)
      coffee-script (>= 2.2.0)
      railties (>= 5.2.0)
    coffee-script (2.4.1)
      coffee-script-source
      execjs
    coffee-script-source (1.12.2)
    concurrent-ruby (1.2.2)
    crass (1.0.6)
    database_rewinder (0.9.1)
    devise (4.8.1)
      bcrypt (~> 3.0)
      orm_adapter (~> 0.1)
      railties (>= 4.1.0)
      responders
      warden (~> 1.2.3)
    diff-lcs (1.5.0)
    dotenv (2.7.5)
    dotenv-rails (2.7.5)
      dotenv (= 2.7.5)
      railties (>= 3.2, < 6.1)
    erubi (1.9.0)
    execjs (2.7.0)
    faraday (0.17.1)
      multipart-post (>= 1.2, < 3)
    ffi (1.11.3)
    font-awesome-rails (4.7.0.5)
      railties (>= 3.2, < 6.1)
    foreman (0.86.0)
    globalid (1.1.0)
      activesupport (>= 5.0)
    htmlentities (4.3.4)
    i18n (1.12.0)
      concurrent-ruby (~> 1.0)
    jquery-rails (4.5.0)
      rails-dom-testing (>= 1, < 3)
      railties (>= 4.2.0)
      thor (>= 0.14, < 2.0)
    jquery-ui-rails (6.0.1)
      railties (>= 3.2.16)
    launchy (2.4.3)
      addressable (~> 2.3)
    letter_opener (1.7.0)
      launchy (~> 2.2)
    libv8 (3.16.14.19)
    loofah (2.19.1)
      crass (~> 1.0.2)
      nokogiri (>= 1.5.9)
    mail (2.7.1)
      mini_mime (>= 0.1.1)
    marcel (0.3.3)
      mimemagic (~> 0.3.2)
    method_source (0.9.2)
    mime-types (3.3)
      mime-types-data (~> 3.2015)
    mime-types-data (3.2019.1009)
    mimemagic (0.3.10)
      nokogiri (~> 1)
      rake
    mini_magick (4.9.5)
    mini_mime (1.0.2)
    mini_portile2 (2.8.1)
    minitest (5.18.0)
    multipart-post (2.1.1)
    mustermann (1.1.1)
      ruby2_keywords (~> 0.0.1)
    nio4r (2.5.8)
    nokogiri (1.14.3)
      mini_portile2 (~> 2.8.0)
      racc (~> 1.4)
    orm_adapter (0.5.0)
    pg (1.4.4)
    public_suffix (4.0.6)
    puma (6.0.0)
      nio4r (~> 2.0)
    racc (1.6.2)
    rack (2.2.3.1)
    rack-protection (2.2.0)
      rack
    rack-test (1.1.0)
      rack (>= 1.0, < 3)
    rails (5.2.4)
      actioncable (= 5.2.4)
      actionmailer (= 5.2.4)
      actionpack (= 5.2.4)
      actionview (= 5.2.4)
      activejob (= 5.2.4)
      activemodel (= 5.2.4)
      activerecord (= 5.2.4)
      activestorage (= 5.2.4)
      activesupport (= 5.2.4)
      bundler (>= 1.3.0)
      railties (= 5.2.4)
      sprockets-rails (>= 2.0.0)
    rails-dom-testing (2.0.3)
      activesupport (>= 4.2.0)
      nokogiri (>= 1.6)
    rails-html-sanitizer (1.4.4)
      loofah (~> 2.19, >= 2.19.1)
    rails-jquery-autocomplete (1.0.5)
      rails (>= 3.2)
    railties (5.2.4)
      actionpack (= 5.2.4)
      activesupport (= 5.2.4)
      method_source
      rake (>= 0.8.7)
      thor (>= 0.19.0, < 2.0)
    rake (13.0.1)
    ransack (2.5.0)
      activerecord (>= 5.2.4)
      activesupport (>= 5.2.4)
      i18n
    rb-readline (0.5.5)
    ref (2.0.0)
    refile-mini_magick (0.2.0)
      mini_magick (~> 4.0)
      refile (~> 0.5)
    responders (2.4.1)
      actionpack (>= 4.2.0, < 6.0)
      railties (>= 4.2.0, < 6.0)
    rspec-core (3.9.0)
      rspec-support (~> 3.9.0)
    rspec-expectations (3.9.4)
      diff-lcs (>= 1.2.0, < 2.0)
      rspec-support (~> 3.9.0)
    rspec-mocks (3.9.0)
      diff-lcs (>= 1.2.0, < 2.0)
      rspec-support (~> 3.9.0)
    rspec-rails (4.0.1)
      actionpack (>= 4.2)
      activesupport (>= 4.2)
      railties (>= 4.2)
      rspec-core (~> 3.9)
      rspec-expectations (~> 3.9)
      rspec-mocks (~> 3.9)
      rspec-support (~> 3.9)
    rspec-support (3.9.0)
    ruby2_keywords (0.0.5)
    rubyzip (1.3.0)
    sassc (2.2.1)
      ffi (~> 1.9)
    sassc-rails (2.1.2)
      railties (>= 4.0.0)
      sassc (>= 2.0)
      sprockets (> 3.0)
      sprockets-rails
      tilt
    select2-rails (4.0.3)
      thor (~> 0.14)
    sentry-raven (2.12.3)
      faraday (>= 0.7.6, < 1.0)
    simple_form (5.1.0)
      actionpack (>= 5.2)
      activemodel (>= 5.2)
    sinatra (2.2.0)
      mustermann (~> 1.0)
      rack (~> 2.2)
      rack-protection (= 2.2.0)
      tilt (~> 2.0)
    slim (4.0.1)
      temple (>= 0.7.6, < 0.9)
      tilt (>= 2.0.6, < 2.1)
    slim-rails (3.2.0)
      actionpack (>= 3.1)
      railties (>= 3.1)
      slim (>= 3.0, < 5.0)
    smarter_csv (1.2.6)
    sprockets (3.7.2)
      concurrent-ruby (~> 1.0)
      rack (> 1, < 3)
    sprockets-rails (3.2.1)
      actionpack (>= 4.0)
      activesupport (>= 4.0)
      sprockets (>= 3.0.0)
    temple (0.8.2)
    therubyracer (0.12.3)
      libv8 (~> 3.16.14.15)
      ref
    thor (0.20.3)
    thread_safe (0.3.6)
    tilt (2.0.10)
    tzinfo (1.2.11)
      thread_safe (~> 0.1)
    uglifier (4.2.0)
      execjs (>= 0.3.0, < 3)
    uniform_notifier (1.13.0)
    warden (1.2.8)
      rack (>= 2.0.6)
    websocket-driver (0.7.1)
      websocket-extensions (>= 0.1.0)
    websocket-extensions (0.1.5)
    whenever (1.0.0)
      chronic (>= 0.6.3)

PLATFORMS
  ruby

DEPENDENCIES
  acts-as-taggable-on
  axlsx!
  bootstrap-datepicker-rails
  bootstrap-sass
  bullet
  byebug
  cancancan
  coffee-rails
  database_rewinder
  devise
  dotenv-rails
  font-awesome-rails
  foreman
  jquery-rails
  jquery-ui-rails
  letter_opener
  nokogiri
  pg
  puma
  rails (= 5.2.4)
  rails-jquery-autocomplete
  ransack
  rb-readline
  refile!
  refile-mini_magick
  rspec-rails
  rubyzip (= 1.3.0)
  sassc-rails
  select2-rails
  sentry-raven
  simple_form
  slim-rails
  smarter_csv
  therubyracer
  uglifier
  warden
  whenever

BUNDLED WITH
   2.0.2
