GIT
  remote: git://github.com/refile/refile-mini_magick.git
  revision: 27b6c6c7affcc302a59068b8b3f458cb147c2fa6
  specs:
    refile-mini_magick (0.2.0)
      image_processing (>= 0.4.1, < 1.0)
      mini_magick (>= 4.3.5)
      refile (~> 0.5)

GIT
  remote: git://github.com/refile/refile.git
  revision: d7a42dcd7cf631ba94b01231f535bda061f6af92
  specs:
    refile (0.6.2)
      mime-types
      rest-client (~> 1.8)
      sinatra (>= 1.4.5)

GIT
  remote: git://github.com/sinatra/sinatra.git
  revision: 8fdd35c731ec6915bae393c6383b2357450665f0
  branch: master
  specs:
    rack-protection (2.0.0.rc2)
      rack
    sinatra (2.0.0.rc2)
      mustermann (~> 1.0)
      rack (~> 2.0)
      rack-protection (= 2.0.0.rc2)
      tilt (~> 2.0)

GEM
  remote: https://rubygems.org/
  specs:
    actioncable (5.1.0.rc1)
      actionpack (= 5.1.0.rc1)
      nio4r (~> 2.0)
      websocket-driver (~> 0.6.1)
    actionmailer (5.1.0.rc1)
      actionpack (= 5.1.0.rc1)
      actionview (= 5.1.0.rc1)
      activejob (= 5.1.0.rc1)
      mail (~> 2.5, >= 2.5.4)
      rails-dom-testing (~> 2.0)
    actionpack (5.1.0.rc1)
      actionview (= 5.1.0.rc1)
      activesupport (= 5.1.0.rc1)
      rack (~> 2.0)
      rack-test (~> 0.6.3)
      rails-dom-testing (~> 2.0)
      rails-html-sanitizer (~> 1.0, >= 1.0.2)
    actionview (5.1.0.rc1)
      activesupport (= 5.1.0.rc1)
      builder (~> 3.1)
      erubi (~> 1.4)
      rails-dom-testing (~> 2.0)
      rails-html-sanitizer (~> 1.0, >= 1.0.3)
    activejob (5.1.0.rc1)
      activesupport (= 5.1.0.rc1)
      globalid (>= 0.3.6)
    activemodel (5.1.0.rc1)
      activesupport (= 5.1.0.rc1)
    activerecord (5.1.0.rc1)
      activemodel (= 5.1.0.rc1)
      activesupport (= 5.1.0.rc1)
      arel (~> 8.0)
    activesupport (5.1.0.rc1)
      concurrent-ruby (~> 1.0, >= 1.0.2)
      i18n (~> 0.7)
      minitest (~> 5.1)
      tzinfo (~> 1.1)
    acts-as-taggable-on (4.0.0)
      activerecord (>= 4.0)
    arel (8.0.0)
    autoprefixer-rails (6.7.7.2)
      execjs
    bcrypt (3.1.11)
    bootstrap-datepicker-rails (1.6.4.1)
      railties (>= 3.0)
    bootstrap-sass (3.3.7)
      autoprefixer-rails (>= 5.2.1)
      sass (>= 3.3.4)
    builder (3.2.3)
    bullet (5.5.1)
      activesupport (>= 3.0.0)
      uniform_notifier (~> 1.10.0)
    byebug (9.0.6)
    cancancan (1.16.0)
    chronic (0.10.2)
    coffee-rails (4.2.1)
      coffee-script (>= 2.2.0)
      railties (>= 4.0.0, < 5.2.x)
    coffee-script (2.4.1)
      coffee-script-source
      execjs
    coffee-script-source (1.12.2)
    concurrent-ruby (1.0.5)
    devise (4.2.1)
      bcrypt (~> 3.0)
      orm_adapter (~> 0.1)
      railties (>= 4.1.0, < 5.1)
      responders
      warden (~> 1.2.3)
    domain_name (0.5.20170404)
      unf (>= 0.0.5, < 1.0.0)
    dotenv (2.2.0)
    dotenv-rails (2.2.0)
      dotenv (= 2.2.0)
      railties (>= 3.2, < 5.1)
    erubi (1.6.0)
    execjs (2.7.0)
    ffi (1.9.18)
    font-awesome-rails (4.7.0.1)
      railties (>= 3.2, < 5.1)
    foreman (0.84.0)
      thor (~> 0.19.1)
    globalid (0.4.0)
      activesupport (>= 4.2.0)
    http-cookie (1.0.3)
      domain_name (~> 0.5)
    i18n (0.8.1)
    image_processing (0.4.1)
    jquery-rails (4.3.1)
      rails-dom-testing (>= 1, < 3)
      railties (>= 4.2.0)
      thor (>= 0.14, < 2.0)
    jquery-ui-rails (6.0.1)
      railties (>= 3.2.16)
    libv8 (3.16.14.19)
    loofah (2.0.3)
      nokogiri (>= 1.5.9)
    mail (2.6.4)
      mime-types (>= 1.16, < 4)
    method_source (0.8.2)
    mime-types (2.99.3)
    mini_magick (4.7.0)
    mini_portile2 (2.1.0)
    minitest (5.10.1)
    mustermann (1.0.0)
    netrc (0.11.0)
    nio4r (2.0.0)
    nokogiri (1.7.1)
      mini_portile2 (~> 2.1.0)
    orm_adapter (0.5.0)
    pg (0.20.0)
    polyamorous (1.3.1)
      activerecord (>= 3.0)
    puma (3.8.2)
    rack (2.0.1)
    rack-test (0.6.3)
      rack (>= 1.0)
    rails (5.1.0.rc1)
      actioncable (= 5.1.0.rc1)
      actionmailer (= 5.1.0.rc1)
      actionpack (= 5.1.0.rc1)
      actionview (= 5.1.0.rc1)
      activejob (= 5.1.0.rc1)
      activemodel (= 5.1.0.rc1)
      activerecord (= 5.1.0.rc1)
      activesupport (= 5.1.0.rc1)
      bundler (>= 1.3.0, < 2.0)
      railties (= 5.1.0.rc1)
      sprockets-rails (>= 2.0.0)
    rails-dom-testing (2.0.2)
      activesupport (>= 4.2.0, < 6.0)
      nokogiri (~> 1.6)
    rails-html-sanitizer (1.0.3)
      loofah (~> 2.0)
    rails-jquery-autocomplete (1.0.3)
      rails (>= 3.2)
    railties (5.1.0.rc1)
      actionpack (= 5.1.0.rc1)
      activesupport (= 5.1.0.rc1)
      method_source
      rake (>= 0.8.7)
      thor (>= 0.18.1, < 2.0)
    rake (12.0.0)
    ransack (1.8.2)
      actionpack (>= 3.0)
      activerecord (>= 3.0)
      activesupport (>= 3.0)
      i18n
      polyamorous (~> 1.3)
    ref (2.0.0)
    responders (2.3.0)
      railties (>= 4.2.0, < 5.1)
    rest-client (1.8.0)
      http-cookie (>= 1.0.2, < 2.0)
      mime-types (>= 1.16, < 3.0)
      netrc (~> 0.7)
    sass (3.4.23)
    sassc (1.11.2)
      bundler
      ffi (~> 1.9.6)
      sass (>= 3.3.0)
    sassc-rails (1.3.0)
      railties (>= 4.0.0)
      sass
      sassc (~> 1.9)
      sprockets (> 2.11)
      sprockets-rails
      tilt
    select2-rails (4.0.3)
      thor (~> 0.14)
    simple_form (3.4.0)
      actionpack (> 4, < 5.1)
      activemodel (> 4, < 5.1)
    slim (3.0.7)
      temple (~> 0.7.6)
      tilt (>= 1.3.3, < 2.1)
    slim-rails (3.1.2)
      actionpack (>= 3.1)
      railties (>= 3.1)
      slim (~> 3.0)
    smarter_csv (1.1.4)
    sprockets (3.7.1)
      concurrent-ruby (~> 1.0)
      rack (> 1, < 3)
    sprockets-rails (3.2.0)
      actionpack (>= 4.0)
      activesupport (>= 4.0)
      sprockets (>= 3.0.0)
    temple (0.7.7)
    therubyracer (0.12.3)
      libv8 (~> 3.16.14.15)
      ref
    thor (0.19.4)
    thread_safe (0.3.6)
    tilt (2.0.7)
    tzinfo (1.2.3)
      thread_safe (~> 0.1)
    uglifier (3.2.0)
      execjs (>= 0.3.0, < 3)
    unf (0.1.4)
      unf_ext
    unf_ext (0.0.7.4)
    uniform_notifier (1.10.0)
    warden (1.2.7)
      rack (>= 1.0)
    websocket-driver (0.6.5)
      websocket-extensions (>= 0.1.0)
    websocket-extensions (0.1.2)
    whenever (0.9.7)
      chronic (>= 0.6.3)

PLATFORMS
  ruby

DEPENDENCIES
  acts-as-taggable-on (~> 4.0)
  bootstrap-datepicker-rails
  bootstrap-sass
  bullet
  byebug
  cancancan
  coffee-rails
  devise
  dotenv-rails
  font-awesome-rails
  foreman
  jquery-rails
  jquery-ui-rails
  pg
  puma
  rails (= 5.1.0.rc1)
  rails-jquery-autocomplete
  ransack
  refile!
  refile-mini_magick!
  sassc-rails
  select2-rails
  simple_form
  sinatra!
  slim-rails
  smarter_csv
  therubyracer
  uglifier
  warden
  whenever

BUNDLED WITH
   1.14.6
